PATH
  remote: .
  specs:
    motion-settings (1.0)

GEM
  remote: https://rubygems.org/
  specs:
    rake (10.5.0)

PLATFORMS
  ruby

DEPENDENCIES
  motion-settings!
  rake

BUNDLED WITH
   1.11.2
